GIT
  remote: git://github.com/lian/bitcoin-ruby.git
  revision: 4f9ea350aebccd4879a9fb887cc01ac1fab749b3
  specs:
    bitcoin-ruby (0.0.6)

PATH
  remote: .
  specs:
    toshi (0.1.0)
      bitcoin-ruby
      builder
      eventmachine
      faye-websocket
      rake
      scrypt
      sequel_pg
      sidekiq
      sinatra
      sinatra-contrib

GEM
  remote: https://rubygems.org/
  specs:
    backports (3.6.4)
    bugsnag (2.5.1)
      httparty (>= 0.6, < 1.0)
      multi_json (~> 1.0)
    bugsnag-em (0.1)
      bugsnag
      eventmachine
      lspace (>= 0.13)
    builder (3.2.2)
    celluloid (0.15.2)
      timers (~> 1.1.0)
    connection_pool (2.0.0)
    database_cleaner (1.3.0)
    diff-lcs (1.2.5)
    dotenv (0.11.1)
      dotenv-deployment (~> 0.0.2)
    dotenv-deployment (0.0.2)
    eventmachine (1.0.3)
    faye-websocket (0.8.0)
      eventmachine (>= 0.12.0)
      websocket-driver (>= 0.4.0)
    ffi (1.9.6)
    ffi-compiler (0.1.3)
      ffi (>= 1.0.0)
      rake
    foreman (0.75.0)
      dotenv (~> 0.11.1)
      thor (~> 0.19.1)
    httparty (0.13.3)
      json (~> 1.8)
      multi_xml (>= 0.5.2)
    json (1.8.1)
    lspace (0.13)
    multi_json (1.10.1)
    multi_xml (0.5.5)
    newrelic_rpm (3.9.7.266)
    pg (0.17.1)
    puma (2.9.2)
      rack (>= 1.1, < 2.0)
    rack (1.5.2)
    rack-protection (1.5.3)
      rack
    rack-test (0.6.2)
      rack (>= 1.0)
    rake (10.3.2)
    redis (3.1.0)
    redis-namespace (1.5.1)
      redis (~> 3.0, >= 3.0.4)
    rspec (3.1.0)
      rspec-core (~> 3.1.0)
      rspec-expectations (~> 3.1.0)
      rspec-mocks (~> 3.1.0)
    rspec-core (3.1.7)
      rspec-support (~> 3.1.0)
    rspec-expectations (3.1.2)
      diff-lcs (>= 1.2.0, < 2.0)
      rspec-support (~> 3.1.0)
    rspec-mocks (3.1.3)
      rspec-support (~> 3.1.0)
    rspec-support (3.1.2)
    scrypt (2.0.0)
      ffi-compiler (>= 0.0.2)
      rake
    sequel (4.16.0)
    sequel_pg (1.6.11)
      pg (>= 0.8.0)
      sequel (>= 3.39.0)
    sidekiq (3.2.6)
      celluloid (= 0.15.2)
      connection_pool (>= 2.0.0)
      json
      redis (>= 3.0.6)
      redis-namespace (>= 1.3.1)
    sinatra (1.4.5)
      rack (~> 1.4)
      rack-protection (~> 1.4)
      tilt (~> 1.3, >= 1.3.4)
    sinatra-contrib (1.4.2)
      backports (>= 2.0)
      multi_json
      rack-protection
      rack-test
      sinatra (~> 1.4.0)
      tilt (~> 1.3)
    thor (0.19.1)
    tilt (1.4.1)
    timers (1.1.0)
    websocket-driver (0.4.0)

PLATFORMS
  ruby

DEPENDENCIES
  bitcoin-ruby!
  bugsnag-em
  bundler (~> 1.7)
  database_cleaner
  eventmachine
  ffi
  foreman
  newrelic_rpm
  puma
  rack-test
  rake
  rspec
  toshi!
